GEM
  remote: https://rubygems.org/
  specs:
    json (1.8.3)
    minitest (5.8.4)
    rake (0.9.6)
    rubytree (0.9.7)
      json (~> 1.8)
      structured_warnings (~> 0.2)
    structured_warnings (0.2.0)

PLATFORMS
  ruby

DEPENDENCIES
  minitest
  rake
  rubytree

BUNDLED WITH
   1.11.2
