GEM
  remote: https://rubygems.org/
  specs:
    minitest (5.8.4)
    rake (0.9.6)

PLATFORMS
  ruby

DEPENDENCIES
  minitest
  rake

BUNDLED WITH
   1.11.2
